PATH
  remote: .
  specs:
    mozu_api (0.0.1)
      activeresource (>= 3.0.0)

GEM
  remote: https://rubygems.org/
  specs:
    activemodel (3.2.14)
      activesupport (= 3.2.14)
      builder (~> 3.0.0)
    activeresource (3.2.14)
      activemodel (= 3.2.14)
      activesupport (= 3.2.14)
    activesupport (3.2.14)
      i18n (~> 0.6, >= 0.6.4)
      multi_json (~> 1.0)
    builder (3.0.4)
    i18n (0.6.5)
    multi_json (1.7.9)
    test-unit (2.5.5)
    thor (0.18.1)

PLATFORMS
  ruby

DEPENDENCIES
  mozu_api!
  test-unit
  thor
